GEM
  remote: https://rubygems.org/
  specs:
    bcrypt (3.1.11)
    sqlite3 (1.3.13)

PLATFORMS
  ruby

DEPENDENCIES
  bcrypt
  sqlite3

RUBY VERSION
   ruby 2.5.0p0

BUNDLED WITH
   1.16.1
